GIT
  remote: git://github.com/lord/zulip-rb.git
  revision: 2cceda6331cef75e635ae86fe3f24827bea0dbd7
  specs:
    zulip (0.0.2)
      faraday (~> 0.9)

GEM
  remote: https://rubygems.org/
  specs:
    activemodel (4.1.1)
      activesupport (= 4.1.1)
      builder (~> 3.1)
    activerecord (4.1.1)
      activemodel (= 4.1.1)
      activesupport (= 4.1.1)
      arel (~> 5.0.0)
    activesupport (4.1.1)
      i18n (~> 0.6, >= 0.6.9)
      json (~> 1.7, >= 1.7.7)
      minitest (~> 5.1)
      thread_safe (~> 0.1)
      tzinfo (~> 1.1)
    arel (5.0.1.20140414130214)
    builder (3.2.2)
    faraday (0.9.0)
      multipart-post (>= 1.2, < 3)
    ffi (1.9.3)
    i18n (0.6.9)
    json (1.8.1)
    jwt (1.0.0)
    minitest (5.3.4)
    multi_json (1.10.1)
    multipart-post (2.0.0)
    phone (1.2.3)
    pi_piper (1.3.2)
      ffi
    rake (10.3.2)
    sqlite3 (1.3.9)
    thread_safe (0.3.4)
    twilio-ruby (3.11.5)
      builder (>= 2.1.2)
      jwt (>= 0.1.2)
      multi_json (>= 1.3.0)
    tzinfo (1.2.0)
      thread_safe (~> 0.1)

PLATFORMS
  ruby

DEPENDENCIES
  activerecord (~> 4.1.1)
  phone
  pi_piper
  rake
  sqlite3
  twilio-ruby
  zulip!
